GEM
  remote: http://rubygems.org/
  specs:
    activesupport (3.0.0)
    diff-lcs (1.1.3)
    guard (1.3.2)
      listen (>= 0.4.2)
      thor (>= 0.14.6)
    guard-rspec (1.2.1)
      guard (>= 1.1)
    guard-spork (1.1.0)
      guard (>= 1.1)
      spork (>= 0.8.4)
    listen (0.5.0)
    rb-fsevent (0.9.1)
    rspec (2.11.0)
      rspec-core (~> 2.11.0)
      rspec-expectations (~> 2.11.0)
      rspec-mocks (~> 2.11.0)
    rspec-core (2.11.1)
    rspec-expectations (2.11.3)
      diff-lcs (~> 1.1.3)
    rspec-mocks (2.11.2)
    spork (1.0.0rc3)
    thor (0.16.0)

PLATFORMS
  ruby

DEPENDENCIES
  activesupport
  guard (~> 1.3.2)
  guard-rspec (~> 1.2.1)
  guard-spork (~> 1.1.0)
  rb-fsevent (~> 0.9.1)
  rspec

BUNDLED WITH
   1.10.6
